GEM
  remote: https://rubygems.org/
  specs:
    rounding (1.0.1)

PLATFORMS
  ruby

DEPENDENCIES
  rounding

BUNDLED WITH
   1.12.5
